GEM
  remote: https://rubygems.org/
  specs:
    httparty (0.14.0)
      multi_xml (>= 0.5.2)
    multi_xml (0.6.0)
    net-telnet (0.1.1)

PLATFORMS
  ruby

DEPENDENCIES
  httparty
  net-telnet

BUNDLED WITH
   1.14.6
